GIT
  remote: https://github.com/hashicorp/vagrant.git
  revision: aa732d3406c9aa9adc2cdd3fdeda2546b8248285
  tag: v2.3.3
  specs:
    vagrant (2.3.3)
      bcrypt_pbkdf (~> 1.1)
      childprocess (~> 4.1.0)
      ed25519 (~> 1.3.0)
      erubi
      googleapis-common-protos-types (~> 1.3)
      grpc
      hashicorp-checkpoint (~> 0.1.5)
      i18n (~> 1.8)
      ipaddr (>= 1.2.4)
      listen (~> 3.6)
      log4r (~> 1.1.9, < 1.1.11)
      mime-types (~> 3.3)
      net-ftp (~> 0.1)
      net-scp (~> 4.0)
      net-sftp (~> 4.0)
      net-ssh (~> 7.0)
      rb-kqueue (~> 0.2.0)
      rexml (~> 3.2)
      rgl (~> 0.5.7)
      rubyzip (~> 2.0)
      vagrant_cloud (~> 3.0.5)
      wdm (~> 0.1.0)
      winrm (>= 2.3.4, < 3.0)
      winrm-elevated (>= 1.2.1, < 2.0)
      winrm-fs (>= 1.3.4, < 2.0)

GEM
  remote: https://rubygems.org/
  specs:
    bcrypt_pbkdf (1.1.0)
    builder (3.2.4)
    childprocess (4.1.0)
    concurrent-ruby (1.1.10)
    date (3.2.2)
    ed25519 (1.3.0)
    erubi (1.11.0)
    excon (0.94.0)
    ffi (1.15.5)
    fog-core (2.3.0)
      builder
      excon (~> 0.71)
      formatador (>= 0.2, < 2.0)
      mime-types
    fog-json (1.2.0)
      fog-core
      multi_json (~> 1.10)
    fog-libvirt (0.9.0)
      fog-core (>= 1.27.4)
      fog-json
      fog-xml (~> 0.1.1)
      json
      ruby-libvirt (>= 0.7.0)
    fog-xml (0.1.4)
      fog-core
      nokogiri (>= 1.5.11, < 2.0.0)
    formatador (1.1.0)
    google-protobuf (3.21.9)
    googleapis-common-protos-types (1.4.0)
      google-protobuf (~> 3.14)
    grpc (1.50.0)
      google-protobuf (~> 3.21)
      googleapis-common-protos-types (~> 1.0)
    gssapi (1.3.1)
      ffi (>= 1.0.1)
    gyoku (1.4.0)
      builder (>= 2.1.2)
      rexml (~> 3.0)
    hashicorp-checkpoint (0.1.5)
    httpclient (2.8.3)
    i18n (1.12.0)
      concurrent-ruby (~> 1.0)
    ipaddr (1.2.4)
    json (2.6.2)
    listen (3.7.1)
      rb-fsevent (~> 0.10, >= 0.10.3)
      rb-inotify (~> 0.9, >= 0.9.10)
    little-plugger (1.1.4)
    log4r (1.1.10)
    logging (2.3.1)
      little-plugger (~> 1.1)
      multi_json (~> 1.14)
    mime-types (3.4.1)
      mime-types-data (~> 3.2015)
    mime-types-data (3.2022.0105)
    multi_json (1.15.0)
    net-ftp (0.2.0)
      net-protocol
      time
    net-protocol (0.1.3)
      timeout
    net-scp (4.0.0)
      net-ssh (>= 2.6.5, < 8.0.0)
    net-sftp (4.0.0)
      net-ssh (>= 5.0.0, < 8.0.0)
    net-ssh (7.0.1)
    nokogiri (1.13.9-arm64-darwin)
      racc (~> 1.4)
    nori (2.6.0)
    pairing_heap (1.0.0)
    racc (1.6.0)
    rb-fsevent (0.11.2)
    rb-inotify (0.10.1)
      ffi (~> 1.0)
    rb-kqueue (0.2.8)
      ffi (>= 0.5.0)
    rexml (3.2.5)
    rgl (0.5.9)
      pairing_heap (>= 0.3.0)
      rexml (~> 3.2, >= 3.2.4)
      stream (~> 0.5.3)
    ruby-libvirt (0.8.0)
    rubyntlm (0.6.3)
    rubyzip (2.3.2)
    stream (0.5.5)
    time (0.2.0)
      date
    timeout (0.3.0)
    vagrant_cloud (3.0.5)
      excon (~> 0.73)
      log4r (~> 1.1.10)
      rexml (~> 3.2.5)
    wdm (0.1.1)
    winrm (2.3.6)
      builder (>= 2.1.2)
      erubi (~> 1.8)
      gssapi (~> 1.2)
      gyoku (~> 1.0)
      httpclient (~> 2.2, >= 2.2.0.2)
      logging (>= 1.6.1, < 3.0)
      nori (~> 2.0)
      rubyntlm (~> 0.6.0, >= 0.6.3)
    winrm-elevated (1.2.3)
      erubi (~> 1.8)
      winrm (~> 2.0)
      winrm-fs (~> 1.0)
    winrm-fs (1.3.5)
      erubi (~> 1.8)
      logging (>= 1.6.1, < 3.0)
      rubyzip (~> 2.0)
      winrm (~> 2.0)

PLATFORMS
  arm64-darwin-21

DEPENDENCIES
  fog-libvirt (~> 0.9)
  ruby-libvirt (~> 0.8)
  vagrant!

BUNDLED WITH
   2.3.26
